NUGET
  remote: https://api.nuget.org/v3/index.json
    FAKE (4.61.3)
    FSharp.Core (4.1.17)
      System.Collections (>= 4.0.11) - restriction: >= netstandard1.6
      System.Console (>= 4.0) - restriction: >= netstandard1.6
      System.Diagnostics.Debug (>= 4.0.11) - restriction: >= netstandard1.6
      System.Diagnostics.Tools (>= 4.0.1) - restriction: >= netstandard1.6
      System.Globalization (>= 4.0.11) - restriction: >= netstandard1.6
      System.IO (>= 4.1) - restriction: >= netstandard1.6
      System.Linq (>= 4.1) - restriction: >= netstandard1.6
      System.Linq.Expressions (>= 4.1) - restriction: >= netstandard1.6
      System.Linq.Queryable (>= 4.0.1) - restriction: >= netstandard1.6
      System.Net.Requests (>= 4.0.11) - restriction: >= netstandard1.6
      System.Reflection (>= 4.1) - restriction: >= netstandard1.6
      System.Reflection.Extensions (>= 4.0.1) - restriction: >= netstandard1.6
      System.Resources.ResourceManager (>= 4.0.1) - restriction: >= netstandard1.6
      System.Runtime (>= 4.1) - restriction: >= netstandard1.6
      System.Runtime.Extensions (>= 4.1) - restriction: >= netstandard1.6
      System.Runtime.Numerics (>= 4.0.1) - restriction: >= netstandard1.6
      System.Text.RegularExpressions (>= 4.1) - restriction: >= netstandard1.6
      System.Threading (>= 4.0.11) - restriction: >= netstandard1.6
      System.Threading.Tasks (>= 4.0.11) - restriction: >= netstandard1.6
      System.Threading.Tasks.Parallel (>= 4.0.1) - restriction: >= netstandard1.6
      System.Threading.Thread (>= 4.0) - restriction: >= netstandard1.6
      System.Threading.ThreadPool (>= 4.0.10) - restriction: >= netstandard1.6
      System.Threading.Timer (>= 4.0.1) - restriction: >= netstandard1.6
      System.ValueTuple (>= 4.3) - restriction: || (== netstandard1.0) (== netstandard1.1) (== netstandard1.2) (== netstandard1.3) (== netstandard1.4) (== netstandard1.5) (>= net10)
    FsUnit (3.0) - restriction: >= net451
      FSharp.Core (>= 3.1.2.5) - restriction: || (== netstandard1.0) (== netstandard1.1) (== netstandard1.2) (== netstandard1.3) (== netstandard1.4) (== netstandard1.5) (>= net10)
      NUnit (>= 3.6)
    Mono.Cecil (0.9.6.4) - restriction: >= net45
    NUnit (3.6.1) - restriction: >= net451
      NETStandard.Library (>= 1.6) - restriction: || (>= net463) (>= netstandard1.6)
      System.Runtime.Loader (>= 4.0) - restriction: || (>= net463) (>= netstandard1.6)
    OpenTK (2.0) - restriction: >= net45
    OpenTK.GLControl (1.1.2349.61993) - restriction: >= net45
      OpenTK (>= 1.1.2349.61993)
    runtime.debian.8-x64.runtime.native.System.Security.Cryptography.OpenSsl (4.3.1) - restriction: || (== netstandard1.3) (>= net463) (>= netstandard1.6)
    runtime.fedora.23-x64.runtime.native.System.Security.Cryptography.OpenSsl (4.3.1) - restriction: || (== netstandard1.3) (>= net463) (>= netstandard1.6)
    runtime.fedora.24-x64.runtime.native.System.Security.Cryptography.OpenSsl (4.3.1) - restriction: || (== netstandard1.3) (>= net463) (>= netstandard1.6)
    runtime.native.System.Security.Cryptography.OpenSsl (4.3.1) - restriction: || (== netstandard1.3) (>= net463) (>= netstandard1.6)
      runtime.debian.8-x64.runtime.native.System.Security.Cryptography.OpenSsl (>= 4.3.1)
      runtime.fedora.23-x64.runtime.native.System.Security.Cryptography.OpenSsl (>= 4.3.1)
      runtime.fedora.24-x64.runtime.native.System.Security.Cryptography.OpenSsl (>= 4.3.1)
      runtime.opensuse.13.2-x64.runtime.native.System.Security.Cryptography.OpenSsl (>= 4.3.1)
      runtime.opensuse.42.1-x64.runtime.native.System.Security.Cryptography.OpenSsl (>= 4.3.1)
      runtime.osx.10.10-x64.runtime.native.System.Security.Cryptography.OpenSsl (>= 4.3.1)
      runtime.rhel.7-x64.runtime.native.System.Security.Cryptography.OpenSsl (>= 4.3.1)
      runtime.ubuntu.14.04-x64.runtime.native.System.Security.Cryptography.OpenSsl (>= 4.3.1)
      runtime.ubuntu.16.04-x64.runtime.native.System.Security.Cryptography.OpenSsl (>= 4.3.1)
      runtime.ubuntu.16.10-x64.runtime.native.System.Security.Cryptography.OpenSsl (>= 4.3.1)
    runtime.opensuse.13.2-x64.runtime.native.System.Security.Cryptography.OpenSsl (4.3.1) - restriction: || (== netstandard1.3) (>= net463) (>= netstandard1.6)
    runtime.opensuse.42.1-x64.runtime.native.System.Security.Cryptography.OpenSsl (4.3.1) - restriction: || (== netstandard1.3) (>= net463) (>= netstandard1.6)
    runtime.osx.10.10-x64.runtime.native.System.Security.Cryptography.OpenSsl (4.3.1) - restriction: || (== netstandard1.3) (>= net463) (>= netstandard1.6)
    runtime.rhel.7-x64.runtime.native.System.Security.Cryptography.OpenSsl (4.3.1) - restriction: || (== netstandard1.3) (>= net463) (>= netstandard1.6)
    runtime.ubuntu.14.04-x64.runtime.native.System.Security.Cryptography.OpenSsl (4.3.1) - restriction: || (== netstandard1.3) (>= net463) (>= netstandard1.6)
    runtime.ubuntu.16.04-x64.runtime.native.System.Security.Cryptography.OpenSsl (4.3.1) - restriction: || (== netstandard1.3) (>= net463) (>= netstandard1.6)
    runtime.ubuntu.16.10-x64.runtime.native.System.Security.Cryptography.OpenSsl (4.3.1) - restriction: || (== netstandard1.3) (>= net463) (>= netstandard1.6)
    SkiaSharp (1.57.1)
    System.Collections (4.3)
      Microsoft.NETCore.Platforms (>= 1.1) - restriction: || (== dnxcore50) (== netstandard1.0) (>= netstandard1.3)
      Microsoft.NETCore.Targets (>= 1.1) - restriction: || (== dnxcore50) (== netstandard1.0) (>= netstandard1.3)
      System.Runtime (>= 4.3) - restriction: || (== dnxcore50) (== netstandard1.0) (>= netstandard1.3)
    System.Collections.Immutable (1.3.1)
      System.Collections (>= 4.3) - restriction: >= netstandard1.0
      System.Diagnostics.Debug (>= 4.3) - restriction: >= netstandard1.0
      System.Globalization (>= 4.3) - restriction: >= netstandard1.0
      System.Linq (>= 4.3) - restriction: >= netstandard1.0
      System.Resources.ResourceManager (>= 4.3) - restriction: >= netstandard1.0
      System.Runtime (>= 4.3) - restriction: >= netstandard1.0
      System.Runtime.Extensions (>= 4.3) - restriction: >= netstandard1.0
      System.Threading (>= 4.3) - restriction: >= netstandard1.0
    System.Console (4.3)
      Microsoft.NETCore.Platforms (>= 1.1) - restriction: >= netstandard1.3
      Microsoft.NETCore.Targets (>= 1.1) - restriction: >= netstandard1.3
      System.IO (>= 4.3) - restriction: >= netstandard1.3
      System.Runtime (>= 4.3) - restriction: >= netstandard1.3
      System.Text.Encoding (>= 4.3) - restriction: >= netstandard1.3
    System.Diagnostics.Debug (4.3)
      Microsoft.NETCore.Platforms (>= 1.1) - restriction: || (== dnxcore50) (== netstandard1.0) (>= netstandard1.3)
      Microsoft.NETCore.Targets (>= 1.1) - restriction: || (== dnxcore50) (== netstandard1.0) (>= netstandard1.3)
      System.Runtime (>= 4.3) - restriction: || (== dnxcore50) (== netstandard1.0) (>= netstandard1.3)
    System.Diagnostics.DiagnosticSource (4.3.1) - restriction: || (== dnxcore50) (== netstandard1.3) (>= net463) (>= netstandard1.6)
      System.Collections (>= 4.3) - restriction: || (== netstandard1.1) (>= netstandard1.3)
      System.Diagnostics.Tracing (>= 4.3) - restriction: || (== netstandard1.1) (>= netstandard1.3)
      System.Reflection (>= 4.3) - restriction: || (== netstandard1.1) (>= netstandard1.3)
      System.Runtime (>= 4.3) - restriction: || (== netstandard1.1) (>= netstandard1.3)
      System.Threading (>= 4.3) - restriction: || (== netstandard1.1) (>= netstandard1.3)
    System.Diagnostics.Tools (4.3)
      Microsoft.NETCore.Platforms (>= 1.1) - restriction: || (== dnxcore50) (>= netstandard1.0)
      Microsoft.NETCore.Targets (>= 1.1) - restriction: || (== dnxcore50) (>= netstandard1.0)
      System.Runtime (>= 4.3) - restriction: || (== dnxcore50) (>= netstandard1.0)
    System.Drawing.Primitives (4.3)
      System.Runtime (>= 4.3) - restriction: >= netstandard1.1
      System.Runtime.Extensions (>= 4.3) - restriction: >= netstandard1.1
    System.Globalization (4.3)
      Microsoft.NETCore.Platforms (>= 1.1) - restriction: || (== dnxcore50) (== netstandard1.0) (>= netstandard1.3)
      Microsoft.NETCore.Targets (>= 1.1) - restriction: || (== dnxcore50) (== netstandard1.0) (>= netstandard1.3)
      System.Runtime (>= 4.3) - restriction: || (== dnxcore50) (== netstandard1.0) (>= netstandard1.3)
    System.IO (4.3)
      Microsoft.NETCore.Platforms (>= 1.1) - restriction: || (== dnxcore50) (== netstandard1.0) (== netstandard1.3) (>= netstandard1.5)
      Microsoft.NETCore.Targets (>= 1.1) - restriction: || (== dnxcore50) (== netstandard1.0) (== netstandard1.3) (>= netstandard1.5)
      System.Runtime (>= 4.3) - restriction: || (== dnxcore50) (== netstandard1.0) (== netstandard1.3) (>= netstandard1.5)
      System.Text.Encoding (>= 4.3) - restriction: || (== dnxcore50) (== netstandard1.0) (== netstandard1.3) (>= netstandard1.5)
      System.Threading.Tasks (>= 4.3) - restriction: || (== dnxcore50) (== netstandard1.0) (== netstandard1.3) (>= netstandard1.5)
    System.Linq (4.3)
      System.Collections (>= 4.3) - restriction: || (== dnxcore50) (== netstandard1.0) (>= netstandard1.6)
      System.Diagnostics.Debug (>= 4.3) - restriction: || (== dnxcore50) (>= netstandard1.6)
      System.Resources.ResourceManager (>= 4.3) - restriction: || (== dnxcore50) (>= netstandard1.6)
      System.Runtime (>= 4.3) - restriction: || (== dnxcore50) (== netstandard1.0) (>= netstandard1.6)
      System.Runtime.Extensions (>= 4.3) - restriction: || (== dnxcore50) (>= netstandard1.6)
    System.Linq.Expressions (4.3)
      System.Collections (>= 4.3) - restriction: || (== dnxcore50) (>= netstandard1.6)
      System.Diagnostics.Debug (>= 4.3) - restriction: || (== dnxcore50) (>= netstandard1.6)
      System.Globalization (>= 4.3) - restriction: || (== dnxcore50) (>= netstandard1.6)
      System.IO (>= 4.3) - restriction: || (== dnxcore50) (>= netstandard1.6)
      System.Linq (>= 4.3) - restriction: || (== dnxcore50) (>= netstandard1.6)
      System.ObjectModel (>= 4.3) - restriction: >= netstandard1.6
      System.Reflection (>= 4.3) - restriction: || (== dnxcore50) (== netstandard1.0) (== netstandard1.3) (>= netstandard1.6)
      System.Reflection.Emit (>= 4.3) - restriction: >= netstandard1.6
      System.Reflection.Emit.ILGeneration (>= 4.3) - restriction: || (== dnxcore50) (>= netstandard1.6)
      System.Reflection.Emit.Lightweight (>= 4.3) - restriction: || (== dnxcore50) (>= netstandard1.6)
      System.Reflection.Extensions (>= 4.3) - restriction: || (== dnxcore50) (>= netstandard1.6)
      System.Reflection.Primitives (>= 4.3) - restriction: || (== dnxcore50) (>= netstandard1.6)
      System.Reflection.TypeExtensions (>= 4.3) - restriction: || (== dnxcore50) (>= netstandard1.6)
      System.Resources.ResourceManager (>= 4.3) - restriction: || (== dnxcore50) (>= netstandard1.6)
      System.Runtime (>= 4.3) - restriction: || (== dnxcore50) (== netstandard1.0) (== netstandard1.3) (>= netstandard1.6)
      System.Runtime.Extensions (>= 4.3) - restriction: || (== dnxcore50) (>= netstandard1.6)
      System.Threading (>= 4.3) - restriction: || (== dnxcore50) (>= netstandard1.6)
    System.Linq.Queryable (4.3)
      System.Collections (>= 4.3) - restriction: || (== dnxcore50) (>= netstandard1.3)
      System.Diagnostics.Debug (>= 4.3) - restriction: || (== dnxcore50) (>= netstandard1.3)
      System.Linq (>= 4.3) - restriction: || (== dnxcore50) (== netstandard1.0) (>= netstandard1.3)
      System.Linq.Expressions (>= 4.3) - restriction: || (== dnxcore50) (== netstandard1.0) (>= netstandard1.3)
      System.Reflection (>= 4.3) - restriction: || (== dnxcore50) (>= netstandard1.3)
      System.Reflection.Extensions (>= 4.3) - restriction: || (== dnxcore50) (>= netstandard1.3)
      System.Resources.ResourceManager (>= 4.3) - restriction: || (== dnxcore50) (>= netstandard1.3)
      System.Runtime (>= 4.3) - restriction: || (== dnxcore50) (== netstandard1.0) (>= netstandard1.3)
    System.Net.Http (4.3.2) - restriction: || (== dnxcore50) (>= netstandard1.3)
      Microsoft.NETCore.Platforms (>= 1.1) - restriction: || (== dnxcore50) (== netstandard1.3) (>= netstandard1.6)
      Microsoft.Win32.Primitives (>= 4.3) - restriction: == netstandard1.3
      runtime.native.System (>= 4.3) - restriction: >= netstandard1.6
      runtime.native.System.Net.Http (>= 4.3) - restriction: >= netstandard1.6
      runtime.native.System.Security.Cryptography.OpenSsl (>= 4.3) - restriction: >= netstandard1.6
      System.Collections (>= 4.3) - restriction: || (== dnxcore50) (== netstandard1.3) (>= netstandard1.6)
      System.Diagnostics.Debug (>= 4.3) - restriction: || (== dnxcore50) (== netstandard1.3) (>= netstandard1.6)
      System.Diagnostics.DiagnosticSource (>= 4.3) - restriction: || (== dnxcore50) (== netstandard1.3) (>= netstandard1.6)
      System.Diagnostics.Tracing (>= 4.3) - restriction: || (== dnxcore50) (== netstandard1.3) (>= netstandard1.6)
      System.Globalization (>= 4.3) - restriction: || (== dnxcore50) (== netstandard1.3) (>= netstandard1.6)
      System.Globalization.Extensions (>= 4.3) - restriction: >= netstandard1.6
      System.IO (>= 4.3) - restriction: || (== dnxcore50) (== netstandard1.1) (== netstandard1.3) (>= netstandard1.6)
      System.IO.Compression (>= 4.3) - restriction: == netstandard1.3
      System.IO.FileSystem (>= 4.3) - restriction: >= netstandard1.6
      System.Net.Primitives (>= 4.3) - restriction: || (== dnxcore50) (== netstandard1.1) (== netstandard1.3) (>= netstandard1.6)
      System.Resources.ResourceManager (>= 4.3) - restriction: || (== dnxcore50) (== netstandard1.3) (>= netstandard1.6)
      System.Runtime (>= 4.3) - restriction: || (== dnxcore50) (== netstandard1.1) (== netstandard1.3) (>= netstandard1.6)
      System.Runtime.Extensions (>= 4.3) - restriction: || (== dnxcore50) (== netstandard1.3) (>= netstandard1.6)
      System.Runtime.Handles (>= 4.3) - restriction: || (== netstandard1.3) (>= netstandard1.6)
      System.Runtime.InteropServices (>= 4.3) - restriction: || (== dnxcore50) (== netstandard1.3) (>= netstandard1.6)
      System.Runtime.WindowsRuntime (>= 4.3) - restriction: == dnxcore50
      System.Security.Cryptography.Algorithms (>= 4.3) - restriction: >= netstandard1.6
      System.Security.Cryptography.Encoding (>= 4.3) - restriction: || (== netstandard1.3) (>= netstandard1.6)
      System.Security.Cryptography.OpenSsl (>= 4.3) - restriction: >= netstandard1.6
      System.Security.Cryptography.Primitives (>= 4.3) - restriction: >= netstandard1.6
      System.Security.Cryptography.X509Certificates (>= 4.3) - restriction: || (== dnxcore50) (== netstandard1.3) (>= net46) (>= netstandard1.6)
      System.Text.Encoding (>= 4.3) - restriction: || (== dnxcore50) (== netstandard1.1) (== netstandard1.3) (>= netstandard1.6)
      System.Text.Encoding.Extensions (>= 4.3) - restriction: == dnxcore50
      System.Threading (>= 4.3) - restriction: || (== dnxcore50) (== netstandard1.3) (>= netstandard1.6)
      System.Threading.Tasks (>= 4.3) - restriction: || (== dnxcore50) (== netstandard1.1) (== netstandard1.3) (>= netstandard1.6)
    System.Net.Requests (4.3)
      Microsoft.NETCore.Platforms (>= 1.1) - restriction: >= netstandard1.3
      System.Collections (>= 4.3) - restriction: || (== dnxcore50) (>= netstandard1.3)
      System.Diagnostics.Debug (>= 4.3) - restriction: || (== dnxcore50) (>= netstandard1.3)
      System.Diagnostics.Tracing (>= 4.3) - restriction: || (== dnxcore50) (>= netstandard1.3)
      System.Globalization (>= 4.3) - restriction: || (== dnxcore50) (>= netstandard1.3)
      System.IO (>= 4.3) - restriction: || (== dnxcore50) (== netstandard1.0) (== netstandard1.1) (>= netstandard1.3)
      System.Net.Http (>= 4.3) - restriction: || (== dnxcore50) (>= netstandard1.3)
      System.Net.Primitives (>= 4.3) - restriction: || (== dnxcore50) (== netstandard1.0) (== netstandard1.1) (>= netstandard1.3)
      System.Net.WebHeaderCollection (>= 4.3) - restriction: || (== dnxcore50) (>= netstandard1.3)
      System.Resources.ResourceManager (>= 4.3) - restriction: || (== dnxcore50) (>= netstandard1.3)
      System.Runtime (>= 4.3) - restriction: || (== dnxcore50) (== netstandard1.0) (== netstandard1.1) (>= netstandard1.3)
      System.Threading (>= 4.3) - restriction: || (== dnxcore50) (>= netstandard1.3)
      System.Threading.Tasks (>= 4.3) - restriction: || (== dnxcore50) (== netstandard1.1) (>= netstandard1.3)
    System.Numerics.Vectors (4.3)
      System.Globalization (>= 4.3) - restriction: >= netstandard1.0
      System.Resources.ResourceManager (>= 4.3) - restriction: >= netstandard1.0
      System.Runtime (>= 4.3) - restriction: >= netstandard1.0
      System.Runtime.Extensions (>= 4.3) - restriction: >= netstandard1.0
    System.Reflection (4.3)
      Microsoft.NETCore.Platforms (>= 1.1) - restriction: || (== dnxcore50) (== netstandard1.0) (== netstandard1.3) (>= netstandard1.5)
      Microsoft.NETCore.Targets (>= 1.1) - restriction: || (== dnxcore50) (== netstandard1.0) (== netstandard1.3) (>= netstandard1.5)
      System.IO (>= 4.3) - restriction: || (== dnxcore50) (== netstandard1.0) (== netstandard1.3) (>= netstandard1.5)
      System.Reflection.Primitives (>= 4.3) - restriction: || (== dnxcore50) (== netstandard1.0) (== netstandard1.3) (>= netstandard1.5)
      System.Runtime (>= 4.3) - restriction: || (== dnxcore50) (== netstandard1.0) (== netstandard1.3) (>= netstandard1.5)
    System.Reflection.Extensions (4.3)
      Microsoft.NETCore.Platforms (>= 1.1) - restriction: || (== dnxcore50) (>= netstandard1.0)
      Microsoft.NETCore.Targets (>= 1.1) - restriction: || (== dnxcore50) (>= netstandard1.0)
      System.Reflection (>= 4.3) - restriction: || (== dnxcore50) (>= netstandard1.0)
      System.Runtime (>= 4.3) - restriction: || (== dnxcore50) (>= netstandard1.0)
    System.Resources.ResourceManager (4.3)
      Microsoft.NETCore.Platforms (>= 1.1) - restriction: || (== dnxcore50) (>= netstandard1.0)
      Microsoft.NETCore.Targets (>= 1.1) - restriction: || (== dnxcore50) (>= netstandard1.0)
      System.Globalization (>= 4.3) - restriction: || (== dnxcore50) (>= netstandard1.0)
      System.Reflection (>= 4.3) - restriction: || (== dnxcore50) (>= netstandard1.0)
      System.Runtime (>= 4.3) - restriction: || (== dnxcore50) (>= netstandard1.0)
    System.Runtime (4.3)
      Microsoft.NETCore.Platforms (>= 1.1) - restriction: || (== dnxcore50) (== netstandard1.0) (== netstandard1.2) (== netstandard1.3) (>= netstandard1.5)
      Microsoft.NETCore.Targets (>= 1.1) - restriction: || (== dnxcore50) (== netstandard1.0) (== netstandard1.2) (== netstandard1.3) (>= netstandard1.5)
    System.Runtime.Extensions (4.3)
      Microsoft.NETCore.Platforms (>= 1.1) - restriction: || (== dnxcore50) (== netstandard1.0) (== netstandard1.3) (>= netstandard1.5)
      Microsoft.NETCore.Targets (>= 1.1) - restriction: || (== dnxcore50) (== netstandard1.0) (== netstandard1.3) (>= netstandard1.5)
      System.Runtime (>= 4.3) - restriction: || (== dnxcore50) (== netstandard1.0) (== netstandard1.3) (>= netstandard1.5)
    System.Runtime.Numerics (4.3)
      System.Globalization (>= 4.3) - restriction: || (== dnxcore50) (>= netstandard1.3)
      System.Resources.ResourceManager (>= 4.3) - restriction: || (== dnxcore50) (>= netstandard1.3)
      System.Runtime (>= 4.3) - restriction: || (== dnxcore50) (== netstandard1.1) (>= netstandard1.3)
      System.Runtime.Extensions (>= 4.3) - restriction: || (== dnxcore50) (>= netstandard1.3)
    System.Text.RegularExpressions (4.3)
      System.Collections (>= 4.3) - restriction: || (== dnxcore50) (>= netstandard1.6)
      System.Globalization (>= 4.3) - restriction: || (== dnxcore50) (>= netstandard1.6)
      System.Resources.ResourceManager (>= 4.3) - restriction: || (== dnxcore50) (>= netstandard1.6)
      System.Runtime (>= 4.3) - restriction: || (== dnxcore50) (== netstandard1.0) (== netstandard1.3) (>= netstandard1.6)
      System.Runtime.Extensions (>= 4.3) - restriction: || (== dnxcore50) (>= netstandard1.6)
      System.Threading (>= 4.3) - restriction: || (== dnxcore50) (>= netstandard1.6)
    System.Threading (4.3)
      System.Runtime (>= 4.3) - restriction: || (== dnxcore50) (== netstandard1.0) (>= netstandard1.3)
      System.Threading.Tasks (>= 4.3) - restriction: || (== dnxcore50) (== netstandard1.0) (>= netstandard1.3)
    System.Threading.Tasks (4.3)
      Microsoft.NETCore.Platforms (>= 1.1) - restriction: || (== dnxcore50) (== netstandard1.0) (>= netstandard1.3)
      Microsoft.NETCore.Targets (>= 1.1) - restriction: || (== dnxcore50) (== netstandard1.0) (>= netstandard1.3)
      System.Runtime (>= 4.3) - restriction: || (== dnxcore50) (== netstandard1.0) (>= netstandard1.3)
    System.Threading.Tasks.Parallel (4.3)
      System.Collections.Concurrent (>= 4.3) - restriction: || (== dnxcore50) (== netstandard1.1) (>= netstandard1.3)
      System.Diagnostics.Debug (>= 4.3) - restriction: || (== dnxcore50) (>= netstandard1.3)
      System.Diagnostics.Tracing (>= 4.3) - restriction: || (== dnxcore50) (>= netstandard1.3)
      System.Resources.ResourceManager (>= 4.3) - restriction: || (== dnxcore50) (>= netstandard1.3)
      System.Runtime (>= 4.3) - restriction: || (== dnxcore50) (== netstandard1.1) (>= netstandard1.3)
      System.Runtime.Extensions (>= 4.3) - restriction: || (== dnxcore50) (>= netstandard1.3)
      System.Threading (>= 4.3) - restriction: || (== dnxcore50) (>= netstandard1.3)
      System.Threading.Tasks (>= 4.3) - restriction: || (== dnxcore50) (== netstandard1.1) (>= netstandard1.3)
    System.Threading.Thread (4.3)
      System.Runtime (>= 4.3) - restriction: >= netstandard1.3
    System.Threading.ThreadPool (4.3)
      System.Runtime (>= 4.3) - restriction: >= netstandard1.3
      System.Runtime.Handles (>= 4.3) - restriction: >= netstandard1.3
    System.Threading.Timer (4.3)
      Microsoft.NETCore.Platforms (>= 1.1) - restriction: || (== dnxcore50) (>= netstandard1.2)
      Microsoft.NETCore.Targets (>= 1.1) - restriction: || (== dnxcore50) (>= netstandard1.2)
      System.Runtime (>= 4.3) - restriction: || (== dnxcore50) (>= netstandard1.2)
    System.ValueTuple (4.3.1)
      System.Collections (>= 4.3) - restriction: >= netstandard1.0
      System.Resources.ResourceManager (>= 4.3) - restriction: >= netstandard1.0
      System.Runtime (>= 4.3) - restriction: >= netstandard1.0
    Xamarin.Android.FSharp.ResourceProvider (1.0.0.13) - restriction: >= monoandroid
  remote: https://dotnet.myget.org/F/dotnet-core
    Microsoft.NETCore.Platforms (1.1.0) - restriction: || (== dnxcore50) (>= netstandard1.0)
    Microsoft.NETCore.Targets (1.1.0) - restriction: || (== dnxcore50) (>= netstandard1.0)
    Microsoft.Win32.Primitives (4.3.0) - restriction: || (== netstandard1.3) (>= net463)
      Microsoft.NETCore.Platforms (>= 1.1) - restriction: >= netstandard1.3
      Microsoft.NETCore.Targets (>= 1.1) - restriction: >= netstandard1.3
      System.Runtime (>= 4.3) - restriction: >= netstandard1.3
    NETStandard.Library (1.6.1) - restriction: >= net463
      Microsoft.Win32.Primitives (>= 4.3) - restriction: >= netstandard1.3
      System.AppContext (>= 4.3) - restriction: >= netstandard1.3
      System.Collections.Concurrent (>= 4.3) - restriction: >= netstandard1.1
      System.Console (>= 4.3) - restriction: >= netstandard1.3
      System.Diagnostics.Tracing (>= 4.3) - restriction: >= netstandard1.1
      System.Globalization.Calendars (>= 4.3) - restriction: >= netstandard1.3
      System.IO.Compression (>= 4.3) - restriction: >= netstandard1.1
      System.IO.Compression.ZipFile (>= 4.3) - restriction: >= netstandard1.3
      System.IO.FileSystem (>= 4.3) - restriction: >= netstandard1.3
      System.IO.FileSystem.Primitives (>= 4.3) - restriction: >= netstandard1.3
      System.Net.Http (>= 4.3) - restriction: >= netstandard1.1
      System.Net.Sockets (>= 4.3) - restriction: >= netstandard1.3
      System.Runtime.Handles (>= 4.3) - restriction: >= netstandard1.3
      System.Runtime.InteropServices (>= 4.3) - restriction: >= netstandard1.1
      System.Runtime.InteropServices.RuntimeInformation (>= 4.3) - restriction: >= netstandard1.1
      System.Runtime.Numerics (>= 4.3) - restriction: >= netstandard1.1
      System.Security.Cryptography.Algorithms (>= 4.3) - restriction: >= netstandard1.3
      System.Security.Cryptography.Encoding (>= 4.3) - restriction: >= netstandard1.3
      System.Security.Cryptography.Primitives (>= 4.3) - restriction: >= netstandard1.3
      System.Security.Cryptography.X509Certificates (>= 4.3) - restriction: >= netstandard1.3
      System.Threading.Timer (>= 4.3) - restriction: >= netstandard1.2
    runtime.native.System (4.3.0) - restriction: || (== netstandard1.3) (>= net463) (>= netstandard1.6)
      Microsoft.NETCore.Platforms (>= 1.1)
      Microsoft.NETCore.Targets (>= 1.1)
    runtime.native.System.IO.Compression (4.3.0) - restriction: || (== netstandard1.3) (>= net463)
      Microsoft.NETCore.Platforms (>= 1.1)
      Microsoft.NETCore.Targets (>= 1.1)
    runtime.native.System.Net.Http (4.3.0) - restriction: || (>= net463) (>= netstandard1.6)
      Microsoft.NETCore.Platforms (>= 1.1)
      Microsoft.NETCore.Targets (>= 1.1)
    System.AppContext (4.3.0) - restriction: >= net463
    System.Buffers (4.3.0) - restriction: || (== netstandard1.3) (>= net463)
      System.Diagnostics.Debug (>= 4.3) - restriction: >= netstandard1.1
      System.Diagnostics.Tracing (>= 4.3) - restriction: >= netstandard1.1
      System.Resources.ResourceManager (>= 4.3) - restriction: >= netstandard1.1
      System.Runtime (>= 4.3) - restriction: >= netstandard1.1
      System.Threading (>= 4.3) - restriction: >= netstandard1.1
    System.Collections.Concurrent (4.3.0) - restriction: || (== dnxcore50) (== netstandard1.1) (>= netstandard1.3)
      System.Collections (>= 4.3) - restriction: || (== dnxcore50) (>= netstandard1.3)
      System.Diagnostics.Debug (>= 4.3) - restriction: || (== dnxcore50) (>= netstandard1.3)
      System.Diagnostics.Tracing (>= 4.3) - restriction: || (== dnxcore50) (>= netstandard1.3)
      System.Globalization (>= 4.3) - restriction: || (== dnxcore50) (>= netstandard1.3)
      System.Reflection (>= 4.3) - restriction: >= netstandard1.3
      System.Resources.ResourceManager (>= 4.3) - restriction: || (== dnxcore50) (>= netstandard1.3)
      System.Runtime (>= 4.3) - restriction: || (== dnxcore50) (== netstandard1.1) (>= netstandard1.3)
      System.Runtime.Extensions (>= 4.3) - restriction: || (== dnxcore50) (>= netstandard1.3)
      System.Threading (>= 4.3) - restriction: || (== dnxcore50) (>= netstandard1.3)
      System.Threading.Tasks (>= 4.3) - restriction: || (== dnxcore50) (== netstandard1.1) (>= netstandard1.3)
    System.Diagnostics.Contracts (4.3.0) - restriction: == dnxcore50
      System.Runtime (>= 4.3) - restriction: || (== dnxcore50) (>= netstandard1.0)
    System.Diagnostics.Tracing (4.3.0) - restriction: || (== dnxcore50) (>= netstandard1.3)
      Microsoft.NETCore.Platforms (>= 1.1) - restriction: || (== dnxcore50) (== netstandard1.1) (== netstandard1.2) (== netstandard1.3) (>= netstandard1.5)
      Microsoft.NETCore.Targets (>= 1.1) - restriction: || (== dnxcore50) (== netstandard1.1) (== netstandard1.2) (== netstandard1.3) (>= netstandard1.5)
      System.Runtime (>= 4.3) - restriction: || (== dnxcore50) (== netstandard1.1) (== netstandard1.2) (== netstandard1.3) (>= netstandard1.5)
    System.Globalization.Calendars (4.3.0) - restriction: || (== dnxcore50) (>= net463) (>= netstandard1.6)
    System.Globalization.Extensions (4.3.0) - restriction: || (>= net463) (>= netstandard1.6)
      Microsoft.NETCore.Platforms (>= 1.1) - restriction: >= netstandard1.3
      System.Globalization (>= 4.3) - restriction: >= netstandard1.3
      System.Resources.ResourceManager (>= 4.3) - restriction: >= netstandard1.3
      System.Runtime (>= 4.3) - restriction: >= netstandard1.3
      System.Runtime.Extensions (>= 4.3) - restriction: >= netstandard1.3
      System.Runtime.InteropServices (>= 4.3) - restriction: >= netstandard1.3
    System.IO.Compression (4.3.0) - restriction: || (== netstandard1.3) (>= net463)
      Microsoft.NETCore.Platforms (>= 1.1) - restriction: >= netstandard1.3
      runtime.native.System (>= 4.3) - restriction: >= netstandard1.3
      runtime.native.System.IO.Compression (>= 4.3) - restriction: || (== dnxcore50) (>= netstandard1.3)
      System.Buffers (>= 4.3) - restriction: || (== dnxcore50) (>= netstandard1.3)
      System.Collections (>= 4.3) - restriction: || (== dnxcore50) (>= netstandard1.3)
      System.Diagnostics.Debug (>= 4.3) - restriction: || (== dnxcore50) (>= netstandard1.3)
      System.IO (>= 4.3) - restriction: || (== dnxcore50) (== netstandard1.1) (>= netstandard1.3)
      System.Resources.ResourceManager (>= 4.3) - restriction: || (== dnxcore50) (>= netstandard1.3)
      System.Runtime (>= 4.3) - restriction: || (== dnxcore50) (== netstandard1.1) (>= netstandard1.3)
      System.Runtime.Extensions (>= 4.3) - restriction: || (== dnxcore50) (>= netstandard1.3)
      System.Runtime.Handles (>= 4.3) - restriction: || (== dnxcore50) (>= netstandard1.3)
      System.Runtime.InteropServices (>= 4.3) - restriction: || (== dnxcore50) (>= netstandard1.3)
      System.Text.Encoding (>= 4.3) - restriction: || (== dnxcore50) (== netstandard1.1) (>= netstandard1.3)
      System.Threading (>= 4.3) - restriction: || (== dnxcore50) (>= netstandard1.3)
      System.Threading.Tasks (>= 4.3) - restriction: || (== dnxcore50) (>= netstandard1.3)
    System.IO.Compression.ZipFile (4.3.0) - restriction: >= net463
    System.IO.FileSystem (4.3.0) - restriction: || (== dnxcore50) (>= net463) (>= netstandard1.6)
      System.IO.FileSystem.Primitives (>= 4.3) - restriction: >= netstandard1.3
    System.IO.FileSystem.Primitives (4.3.0) - restriction: || (>= net463) (>= netstandard1.6)
    System.Net.Primitives (4.3.0) - restriction: || (== dnxcore50) (== netstandard1.0) (== netstandard1.1) (>= netstandard1.3)
      Microsoft.NETCore.Platforms (>= 1.1) - restriction: || (== dnxcore50) (== netstandard1.0) (== netstandard1.1) (>= netstandard1.3)
      Microsoft.NETCore.Targets (>= 1.1) - restriction: || (== dnxcore50) (== netstandard1.0) (== netstandard1.1) (>= netstandard1.3)
      System.Runtime (>= 4.3) - restriction: || (== dnxcore50) (== netstandard1.0) (== netstandard1.1) (>= netstandard1.3)
      System.Runtime.Handles (>= 4.3) - restriction: || (== dnxcore50) (>= netstandard1.3)
    System.Net.Sockets (4.3.0) - restriction: >= net463
    System.Net.WebHeaderCollection (4.3.0) - restriction: || (== dnxcore50) (>= netstandard1.3)
      System.Collections (>= 4.3) - restriction: >= netstandard1.3
      System.Resources.ResourceManager (>= 4.3) - restriction: >= netstandard1.3
      System.Runtime (>= 4.3) - restriction: >= netstandard1.3
      System.Runtime.Extensions (>= 4.3) - restriction: >= netstandard1.3
    System.ObjectModel (4.3.0) - restriction: || (== dnxcore50) (>= netstandard1.6)
      System.Collections (>= 4.3) - restriction: || (== dnxcore50) (>= netstandard1.3)
      System.Diagnostics.Debug (>= 4.3) - restriction: || (== dnxcore50) (>= netstandard1.3)
      System.Resources.ResourceManager (>= 4.3) - restriction: || (== dnxcore50) (>= netstandard1.3)
      System.Runtime (>= 4.3) - restriction: || (== dnxcore50) (== netstandard1.0) (>= netstandard1.3)
      System.Threading (>= 4.3) - restriction: || (== dnxcore50) (>= netstandard1.3)
    System.Reflection.Emit (4.3.0) - restriction: >= netstandard1.6
      System.IO (>= 4.3) - restriction: >= netstandard1.1
      System.Reflection (>= 4.3) - restriction: >= netstandard1.1
      System.Reflection.Emit.ILGeneration (>= 4.3) - restriction: >= netstandard1.1
      System.Reflection.Primitives (>= 4.3) - restriction: >= netstandard1.1
      System.Runtime (>= 4.3) - restriction: >= netstandard1.1
    System.Reflection.Emit.ILGeneration (4.3.0) - restriction: || (== dnxcore50) (>= netstandard1.6)
      System.Reflection (>= 4.3) - restriction: >= netstandard1.0
      System.Reflection.Primitives (>= 4.3) - restriction: >= netstandard1.0
      System.Runtime (>= 4.3) - restriction: >= netstandard1.0
    System.Reflection.Emit.Lightweight (4.3.0) - restriction: || (== dnxcore50) (>= netstandard1.6)
      System.Reflection (>= 4.3) - restriction: >= netstandard1.0
      System.Reflection.Emit.ILGeneration (>= 4.3) - restriction: >= netstandard1.0
      System.Reflection.Primitives (>= 4.3) - restriction: >= netstandard1.0
      System.Runtime (>= 4.3) - restriction: >= netstandard1.0
    System.Reflection.Primitives (4.3.0) - restriction: || (== dnxcore50) (== netstandard1.0) (== netstandard1.3) (>= netstandard1.5)
      Microsoft.NETCore.Platforms (>= 1.1) - restriction: || (== dnxcore50) (>= netstandard1.0)
      Microsoft.NETCore.Targets (>= 1.1) - restriction: || (== dnxcore50) (>= netstandard1.0)
      System.Runtime (>= 4.3) - restriction: || (== dnxcore50) (>= netstandard1.0)
    System.Reflection.TypeExtensions (4.3.0) - restriction: || (== dnxcore50) (>= netstandard1.6)
      System.Diagnostics.Contracts (>= 4.3) - restriction: == dnxcore50
      System.Diagnostics.Debug (>= 4.3) - restriction: == dnxcore50
      System.Linq (>= 4.3) - restriction: == dnxcore50
      System.Reflection (>= 4.3) - restriction: || (== dnxcore50) (== netstandard1.3) (>= netstandard1.5)
      System.Reflection.Primitives (>= 4.3) - restriction: == dnxcore50
      System.Resources.ResourceManager (>= 4.3) - restriction: == dnxcore50
      System.Runtime (>= 4.3) - restriction: || (== dnxcore50) (== netstandard1.3) (>= netstandard1.5)
      System.Runtime.Extensions (>= 4.3) - restriction: == dnxcore50
    System.Runtime.Handles (4.3.0) - restriction: || (== dnxcore50) (>= netstandard1.3)
      Microsoft.NETCore.Platforms (>= 1.1) - restriction: >= netstandard1.3
      Microsoft.NETCore.Targets (>= 1.1) - restriction: >= netstandard1.3
      System.Runtime (>= 4.3) - restriction: >= netstandard1.3
    System.Runtime.InteropServices (4.3.0) - restriction: || (== dnxcore50) (== netstandard1.3) (>= net463) (>= netstandard1.6)
      Microsoft.NETCore.Platforms (>= 1.1) - restriction: || (== dnxcore50) (== netstandard1.1) (== netstandard1.2) (== netstandard1.3) (>= netstandard1.5)
      Microsoft.NETCore.Targets (>= 1.1) - restriction: || (== dnxcore50) (== netstandard1.1) (== netstandard1.2) (== netstandard1.3) (>= netstandard1.5)
      System.Reflection (>= 4.3) - restriction: || (== dnxcore50) (== netstandard1.1) (== netstandard1.2) (== netstandard1.3) (>= netstandard1.5)
      System.Reflection.Primitives (>= 4.3) - restriction: || (== dnxcore50) (== netstandard1.1) (== netstandard1.2) (== netstandard1.3) (>= netstandard1.5)
      System.Runtime (>= 4.3) - restriction: || (== dnxcore50) (== netstandard1.1) (== netstandard1.2) (== netstandard1.3) (>= netstandard1.5)
      System.Runtime.Handles (>= 4.3) - restriction: || (== dnxcore50) (== netstandard1.3) (>= netstandard1.5)
    System.Runtime.InteropServices.RuntimeInformation (4.3.0) - restriction: >= net463
    System.Runtime.Loader (4.3.0) - restriction: >= net463
    System.Runtime.WindowsRuntime (4.3.0) - restriction: == dnxcore50
      Microsoft.NETCore.Platforms (>= 1.1) - restriction: || (== dnxcore50) (>= netstandard1.3)
      System.Diagnostics.Debug (>= 4.3) - restriction: == dnxcore50
      System.Globalization (>= 4.3) - restriction: == dnxcore50
      System.IO (>= 4.3) - restriction: || (== dnxcore50) (>= netstandard1.0)
      System.ObjectModel (>= 4.3) - restriction: || (== dnxcore50) (>= netstandard1.3)
      System.Resources.ResourceManager (>= 4.3) - restriction: == dnxcore50
      System.Runtime (>= 4.3) - restriction: || (== dnxcore50) (>= netstandard1.0)
      System.Runtime.Extensions (>= 4.3) - restriction: == dnxcore50
      System.Runtime.InteropServices (>= 4.3) - restriction: == dnxcore50
      System.Threading (>= 4.3) - restriction: == dnxcore50
      System.Threading.Tasks (>= 4.3) - restriction: || (== dnxcore50) (>= netstandard1.0)
    System.Security.Cryptography.Algorithms (4.3.0) - restriction: || (== dnxcore50) (== netstandard1.3) (>= net463) (>= netstandard1.6)
      System.IO (>= 4.3) - restriction: || (== dnxcore50) (== netstandard1.3) (== netstandard1.4) (>= net463) (>= netstandard1.6)
      System.Runtime (>= 4.3) - restriction: || (== dnxcore50) (== netstandard1.3) (== netstandard1.4) (>= net463) (>= netstandard1.6)
      System.Security.Cryptography.Encoding (>= 4.3) - restriction: || (== dnxcore50) (>= net463) (>= netstandard1.6)
      System.Security.Cryptography.Primitives (>= 4.3) - restriction: || (== net46) (== net461) (== dnxcore50) (== netstandard1.3) (== netstandard1.4) (>= net463) (>= netstandard1.6)
    System.Security.Cryptography.Cng (4.3.0) - restriction: || (== dnxcore50) (>= net463) (>= netstandard1.6)
      Microsoft.NETCore.Platforms (>= 1.1) - restriction: || (== netstandard1.4) (>= netstandard1.6)
      System.IO (>= 4.3) - restriction: || (== netstandard1.3) (== netstandard1.4) (>= netstandard1.6)
      System.Resources.ResourceManager (>= 4.3) - restriction: || (== netstandard1.4) (>= netstandard1.6)
      System.Runtime (>= 4.3) - restriction: || (== netstandard1.3) (== netstandard1.4) (>= netstandard1.6)
      System.Runtime.Extensions (>= 4.3) - restriction: || (== netstandard1.4) (>= netstandard1.6)
      System.Runtime.Handles (>= 4.3) - restriction: || (== netstandard1.3) (== netstandard1.4) (>= netstandard1.6)
      System.Runtime.InteropServices (>= 4.3) - restriction: || (== netstandard1.4) (>= netstandard1.6)
      System.Security.Cryptography.Algorithms (>= 4.3) - restriction: || (== net46) (== net461) (== netstandard1.3) (== netstandard1.4) (>= net463) (>= netstandard1.6)
      System.Security.Cryptography.Encoding (>= 4.3) - restriction: || (== netstandard1.4) (>= netstandard1.6)
      System.Security.Cryptography.Primitives (>= 4.3) - restriction: || (== net46) (== net461) (== netstandard1.3) (== netstandard1.4) (>= net463) (>= netstandard1.6)
      System.Text.Encoding (>= 4.3) - restriction: || (== netstandard1.4) (>= netstandard1.6)
    System.Security.Cryptography.Csp (4.3.0) - restriction: || (>= net463) (>= netstandard1.6)
      Microsoft.NETCore.Platforms (>= 1.1) - restriction: >= netstandard1.3
      System.IO (>= 4.3) - restriction: >= netstandard1.3
      System.Reflection (>= 4.3) - restriction: >= netstandard1.3
      System.Resources.ResourceManager (>= 4.3) - restriction: >= netstandard1.3
      System.Runtime (>= 4.3) - restriction: >= netstandard1.3
      System.Runtime.Extensions (>= 4.3) - restriction: >= netstandard1.3
      System.Runtime.Handles (>= 4.3) - restriction: >= netstandard1.3
      System.Runtime.InteropServices (>= 4.3) - restriction: >= netstandard1.3
      System.Security.Cryptography.Algorithms (>= 4.3) - restriction: >= netstandard1.3
      System.Security.Cryptography.Encoding (>= 4.3) - restriction: >= netstandard1.3
      System.Security.Cryptography.Primitives (>= 4.3) - restriction: >= netstandard1.3
      System.Text.Encoding (>= 4.3) - restriction: >= netstandard1.3
      System.Threading (>= 4.3) - restriction: >= netstandard1.3
    System.Security.Cryptography.Encoding (4.3.0) - restriction: || (== dnxcore50) (== netstandard1.3) (>= net463) (>= netstandard1.6)
      Microsoft.NETCore.Platforms (>= 1.1) - restriction: >= netstandard1.3
      runtime.native.System.Security.Cryptography.OpenSsl (>= 4.3) - restriction: >= netstandard1.3
      System.Collections (>= 4.3) - restriction: >= netstandard1.3
      System.Collections.Concurrent (>= 4.3) - restriction: >= netstandard1.3
      System.Linq (>= 4.3) - restriction: >= netstandard1.3
      System.Resources.ResourceManager (>= 4.3) - restriction: >= netstandard1.3
      System.Runtime (>= 4.3) - restriction: >= netstandard1.3
      System.Runtime.Extensions (>= 4.3) - restriction: >= netstandard1.3
      System.Runtime.Handles (>= 4.3) - restriction: >= netstandard1.3
      System.Runtime.InteropServices (>= 4.3) - restriction: >= netstandard1.3
      System.Security.Cryptography.Primitives (>= 4.3) - restriction: >= netstandard1.3
      System.Text.Encoding (>= 4.3) - restriction: >= netstandard1.3
    System.Security.Cryptography.OpenSsl (4.3.0) - restriction: || (>= net463) (>= netstandard1.6)
      runtime.native.System.Security.Cryptography.OpenSsl (>= 4.3) - restriction: || (== monoandroid) (>= net463) (>= netstandard1.6)
      System.Collections (>= 4.3) - restriction: >= netstandard1.6
      System.IO (>= 4.3) - restriction: || (>= net463) (>= netstandard1.6)
      System.Resources.ResourceManager (>= 4.3) - restriction: >= netstandard1.6
      System.Runtime (>= 4.3) - restriction: || (>= net463) (>= netstandard1.6)
      System.Runtime.Extensions (>= 4.3) - restriction: || (>= net463) (>= netstandard1.6)
      System.Runtime.Handles (>= 4.3) - restriction: >= netstandard1.6
      System.Runtime.InteropServices (>= 4.3) - restriction: >= netstandard1.6
      System.Runtime.Numerics (>= 4.3) - restriction: >= netstandard1.6
      System.Security.Cryptography.Algorithms (>= 4.3) - restriction: || (>= net463) (>= netstandard1.6)
      System.Security.Cryptography.Encoding (>= 4.3) - restriction: || (>= net463) (>= netstandard1.6)
      System.Security.Cryptography.Primitives (>= 4.3) - restriction: || (>= net463) (>= netstandard1.6)
      System.Text.Encoding (>= 4.3) - restriction: >= netstandard1.6
    System.Security.Cryptography.Primitives (4.3.0) - restriction: || (== dnxcore50) (== netstandard1.3) (>= net463) (>= netstandard1.6)
    System.Security.Cryptography.X509Certificates (4.3.0) - restriction: || (== dnxcore50) (== netstandard1.3) (>= net463) (>= netstandard1.6)
      Microsoft.NETCore.Platforms (>= 1.1) - restriction: || (== dnxcore50) (>= netstandard1.6)
      runtime.native.System (>= 4.3) - restriction: >= netstandard1.6
      runtime.native.System.Net.Http (>= 4.3) - restriction: >= netstandard1.6
      runtime.native.System.Security.Cryptography.OpenSsl (>= 4.3) - restriction: >= netstandard1.6
      System.Collections (>= 4.3) - restriction: || (== dnxcore50) (>= netstandard1.6)
      System.Diagnostics.Debug (>= 4.3) - restriction: >= netstandard1.6
      System.Globalization (>= 4.3) - restriction: || (== dnxcore50) (>= netstandard1.6)
      System.Globalization.Calendars (>= 4.3) - restriction: || (== dnxcore50) (>= netstandard1.6)
      System.IO (>= 4.3) - restriction: || (== dnxcore50) (>= netstandard1.6)
      System.IO.FileSystem (>= 4.3) - restriction: || (== dnxcore50) (>= netstandard1.6)
      System.IO.FileSystem.Primitives (>= 4.3) - restriction: >= netstandard1.6
      System.Resources.ResourceManager (>= 4.3) - restriction: || (== dnxcore50) (>= netstandard1.6)
      System.Runtime (>= 4.3) - restriction: || (== dnxcore50) (== netstandard1.3) (== netstandard1.4) (>= netstandard1.6)
      System.Runtime.Extensions (>= 4.3) - restriction: || (== dnxcore50) (>= netstandard1.6)
      System.Runtime.Handles (>= 4.3) - restriction: || (== dnxcore50) (== netstandard1.3) (== netstandard1.4) (>= netstandard1.6)
      System.Runtime.InteropServices (>= 4.3) - restriction: || (== dnxcore50) (>= netstandard1.6)
      System.Runtime.Numerics (>= 4.3) - restriction: || (== dnxcore50) (>= netstandard1.6)
      System.Security.Cryptography.Algorithms (>= 4.3) - restriction: || (== net46) (== dnxcore50) (== netstandard1.3) (== netstandard1.4) (>= net461) (>= netstandard1.6)
      System.Security.Cryptography.Cng (>= 4.3) - restriction: || (== dnxcore50) (>= netstandard1.6)
      System.Security.Cryptography.Csp (>= 4.3) - restriction: >= netstandard1.6
      System.Security.Cryptography.Encoding (>= 4.3) - restriction: || (== net46) (== dnxcore50) (== netstandard1.3) (== netstandard1.4) (>= net461) (>= netstandard1.6)
      System.Security.Cryptography.OpenSsl (>= 4.3) - restriction: >= netstandard1.6
      System.Security.Cryptography.Primitives (>= 4.3) - restriction: || (== dnxcore50) (>= netstandard1.6)
      System.Text.Encoding (>= 4.3) - restriction: || (== dnxcore50) (>= netstandard1.6)
      System.Threading (>= 4.3) - restriction: || (== dnxcore50) (>= netstandard1.6)
    System.Text.Encoding (4.3.0) - restriction: || (== dnxcore50) (== netstandard1.0) (>= netstandard1.3)
      Microsoft.NETCore.Platforms (>= 1.1) - restriction: || (== dnxcore50) (== netstandard1.0) (>= netstandard1.3)
      Microsoft.NETCore.Targets (>= 1.1) - restriction: || (== dnxcore50) (== netstandard1.0) (>= netstandard1.3)
      System.Runtime (>= 4.3) - restriction: || (== dnxcore50) (== netstandard1.0) (>= netstandard1.3)
    System.Text.Encoding.Extensions (4.3.0) - restriction: == dnxcore50
      Microsoft.NETCore.Platforms (>= 1.1) - restriction: || (== dnxcore50) (== netstandard1.0) (>= netstandard1.3)
      Microsoft.NETCore.Targets (>= 1.1) - restriction: || (== dnxcore50) (== netstandard1.0) (>= netstandard1.3)
      System.Runtime (>= 4.3) - restriction: || (== dnxcore50) (== netstandard1.0) (>= netstandard1.3)
      System.Text.Encoding (>= 4.3) - restriction: || (== dnxcore50) (== netstandard1.0) (>= netstandard1.3)
